GEM
  remote: https://rubygems.org/
  specs:
    paint (2.2.1)
    thor (1.1.0)

PLATFORMS
  ruby

DEPENDENCIES
  paint
  thor

RUBY VERSION
   ruby 3.0.2p107

BUNDLED WITH
   2.2.22
